GEM
  remote: https://rubygems.org/
  specs:
    curb (0.8.1)
    daemons (1.1.9)
    fastercsv (1.5.5)
    json (1.7.5)
    puma (1.6.3)
      rack (~> 1.2)
    rack (1.4.1)
    rack-protection (1.2.0)
      rack
    sinatra (1.3.3)
      rack (~> 1.3, >= 1.3.6)
      rack-protection (~> 1.2)
      tilt (~> 1.3, >= 1.3.3)
    tilt (1.3.3)
    tzinfo (0.3.33)

PLATFORMS
  ruby

DEPENDENCIES
  curb
  daemons
  fastercsv
  json
  puma
  sinatra
  tzinfo
